GIT
  remote: git://github.com/Nemo157/guard-haml.git
  revision: e87060ecbfd9d4259dc7c6eb2b540d048584bc76
  branch: internal
  specs:
    guard-haml (0.1.3a)
      guard (~> 0.3)
      haml (~> 3.0)

GIT
  remote: git://github.com/Nemo157/guard-sass.git
  revision: d0454438dc199a2bf0f4390b21d9260b3bf6153a
  branch: internal
  specs:
    guard-sass (0.1.2a)
      guard (>= 0.2.1)
      sass (>= 3.1)

GEM
  remote: http://rubygems.org/
  specs:
    addressable (2.2.6)
    coffee-script (2.2.0)
      coffee-script-source
      execjs
    coffee-script-source (1.1.1)
    em-websocket (0.2.1)
      addressable (>= 2.1.1)
      eventmachine (>= 0.12.9)
    eventmachine (0.12.10)
    execjs (1.0.0)
      multi_json (~> 1.0)
    growl (1.0.3)
    guard (0.3.4)
      thor (~> 0.14.6)
    guard-coffeescript (0.2.4)
      coffee-script (~> 2.2.0)
      guard (~> 0.3.0)
    guard-livereload (0.1.11)
      em-websocket (~> 0.2.0)
      guard (>= 0.2.2)
      json (~> 1.5.1)
    haml (3.1.1)
    json (1.5.1)
    maruku (0.6.0)
      syntax (>= 1.0.0)
    multi_json (1.0.3)
    rack (1.3.0)
    rb-fsevent (0.4.0)
    sass (3.1.1)
    syntax (1.0.0)
    thor (0.14.6)

PLATFORMS
  ruby

DEPENDENCIES
  growl
  guard-coffeescript
  guard-haml!
  guard-livereload
  guard-sass!
  maruku
  rack
  rb-fsevent
